PATH
  remote: .
  specs:
    dynamic-dynamodb-manager (0.0.2)
      aws-sdk (= 2.6.11)
      bugsnag (= 5.0.1)
      bundler (~> 1.13, >= 1.13.6)
      dotenv (= 2.1.1)
      httparty (= 0.14.0)
      io-console (= 0.4.3)
      json (= 1.8.1)
      netrc (= 0.11.0)
      rake (= 11.3.0)
      redis (= 3.3.1)
      thor (= 0.19.1)

GEM
  remote: http://rubygems.org/
  specs:
    addressable (2.4.0)
    aws-sdk (2.6.11)
      aws-sdk-resources (= 2.6.11)
    aws-sdk-core (2.6.11)
      jmespath (~> 1.0)
    aws-sdk-resources (2.6.11)
      aws-sdk-core (= 2.6.11)
    bugsnag (5.0.1)
    crack (0.4.3)
      safe_yaml (~> 1.0.0)
    diff-lcs (1.2.5)
    dotenv (2.1.1)
    hashdiff (0.3.0)
    httparty (0.14.0)
      multi_xml (>= 0.5.2)
    io-console (0.4.3)
    jmespath (1.3.1)
    json (1.8.1)
    multi_xml (0.6.0)
    netrc (0.11.0)
    rack (2.0.1)
    rack-test (0.6.3)
      rack (>= 1.0)
    rake (11.3.0)
    redis (3.3.1)
    rspec (3.5.0)
      rspec-core (~> 3.5.0)
      rspec-expectations (~> 3.5.0)
      rspec-mocks (~> 3.5.0)
    rspec-core (3.5.4)
      rspec-support (~> 3.5.0)
    rspec-expectations (3.5.0)
      diff-lcs (>= 1.2.0, < 2.0)
      rspec-support (~> 3.5.0)
    rspec-mocks (3.5.0)
      diff-lcs (>= 1.2.0, < 2.0)
      rspec-support (~> 3.5.0)
    rspec-support (3.5.0)
    safe_yaml (1.0.4)
    thor (0.19.1)
    timecop (0.8.1)
    webmock (2.1.0)
      addressable (>= 2.3.6)
      crack (>= 0.3.2)
      hashdiff

PLATFORMS
  ruby

DEPENDENCIES
  dynamic-dynamodb-manager!
  rack-test (= 0.6.3)
  rspec (= 3.5.0)
  timecop (= 0.8.1)
  webmock (= 2.1.0)

RUBY VERSION
   ruby 2.2.5p319

BUNDLED WITH
   1.15.3
